GEM
  remote: https://rubygems.org/
  specs:
    addressable (2.8.7)
      public_suffix (>= 2.0.2, < 7.0)
    ast (2.4.2)
    coderay (1.1.3)
    date (3.3.4)
    down (5.4.2)
      addressable (~> 2.8)
    event_stream_parser (1.0.0)
    faraday (2.10.1)
      faraday-net_http (>= 2.0, < 3.2)
      logger
    faraday-multipart (1.0.4)
      multipart-post (~> 2)
    faraday-net_http (3.1.1)
      net-http
    fileutils (1.7.2)
    json (2.7.2)
    language_server-protocol (3.17.0.3)
    logger (1.6.0)
    method_source (1.1.0)
    multipart-post (2.4.1)
    net-http (0.4.1)
      uri
    nokogiri (1.16.7-aarch64-linux)
      racc (~> 1.4)
    nokogiri (1.16.7-arm-linux)
      racc (~> 1.4)
    nokogiri (1.16.7-arm64-darwin)
      racc (~> 1.4)
    nokogiri (1.16.7-x86-linux)
      racc (~> 1.4)
    nokogiri (1.16.7-x86_64-darwin)
      racc (~> 1.4)
    nokogiri (1.16.7-x86_64-linux)
      racc (~> 1.4)
    open-uri (0.4.1)
      stringio
      time
      uri
    optparse (0.5.0)
    parallel (1.26.2)
    parser (3.3.4.0)
      ast (~> 2.4.1)
      racc
    pry (0.14.2)
      coderay (~> 1.1)
      method_source (~> 1.0)
    public_suffix (6.0.1)
    racc (1.8.1)
    rainbow (3.1.1)
    regexp_parser (2.9.2)
    rexml (3.3.2)
      strscan
    rubocop (1.65.0)
      json (~> 2.3)
      language_server-protocol (>= 3.17.0)
      parallel (~> 1.10)
      parser (>= 3.3.0.2)
      rainbow (>= 2.2.2, < 4.0)
      regexp_parser (>= 2.4, < 3.0)
      rexml (>= 3.2.5, < 4.0)
      rubocop-ast (>= 1.31.1, < 2.0)
      ruby-progressbar (~> 1.7)
      unicode-display_width (>= 2.4.0, < 3.0)
    rubocop-ast (1.31.3)
      parser (>= 3.3.1.0)
    rubocop-performance (1.21.1)
      rubocop (>= 1.48.1, < 2.0)
      rubocop-ast (>= 1.31.1, < 2.0)
    ruby-openai (7.1.0)
      event_stream_parser (>= 0.3.0, < 2.0.0)
      faraday (>= 1)
      faraday-multipart (>= 1)
    ruby-progressbar (1.13.0)
    stringio (3.1.1)
    strscan (3.1.0)
    time (0.3.0)
      date
    unicode-display_width (2.5.0)
    uri (0.13.0)

PLATFORMS
  aarch64-linux
  arm-linux
  arm64-darwin
  x86-linux
  x86_64-darwin
  x86_64-linux

DEPENDENCIES
  down
  fileutils
  json
  net-http
  nokogiri
  open-uri
  optparse
  parallel
  pry
  rubocop
  rubocop-performance
  ruby-openai
  ruby-progressbar

RUBY VERSION
   ruby 3.3.1p55

BUNDLED WITH
   2.5.11
